GEM
  remote: https://rubygems.org/
  specs:
    minitest (5.3.5)

PLATFORMS
  arm64-darwin-24
  ruby

DEPENDENCIES
  minitest (~> 5.3.4)

BUNDLED WITH
   2.6.5
